PATH
  remote: .
  specs:
    omniship (0.5.4)
      curb
      json
      nokogiri (= 1.16)
      rest-client

GEM
  remote: https://rubygems.org/
  specs:
    coderay (1.1.3)
    curb (1.0.6)
    diff-lcs (1.2.5)
    domain_name (0.6.20240107)
    http-accept (1.7.0)
    http-cookie (1.0.7)
      domain_name (~> 0.5)
    json (2.7.2)
    logger (1.6.1)
    method_source (1.1.0)
    mime-types (3.6.0)
      logger
      mime-types-data (~> 3.2015)
    mime-types-data (3.2024.1001)
    mini_portile2 (2.8.7)
    netrc (0.11.0)
    nokogiri (1.16.0)
      mini_portile2 (~> 2.8.2)
      racc (~> 1.4)
    pry (0.14.2)
      coderay (~> 1.1)
      method_source (~> 1.0)
    racc (1.8.1)
    rake (11.2.2)
    rest-client (2.1.0)
      http-accept (>= 1.7.0, < 2.0)
      http-cookie (>= 1.0.2, < 2.0)
      mime-types (>= 1.16, < 4.0)
      netrc (~> 0.8)
    rspec (3.4.0)
      rspec-core (~> 3.4.0)
      rspec-expectations (~> 3.4.0)
      rspec-mocks (~> 3.4.0)
    rspec-core (3.4.4)
      rspec-support (~> 3.4.0)
    rspec-expectations (3.4.0)
      diff-lcs (>= 1.2.0, < 2.0)
      rspec-support (~> 3.4.0)
    rspec-mocks (3.4.1)
      diff-lcs (>= 1.2.0, < 2.0)
      rspec-support (~> 3.4.0)
    rspec-support (3.4.1)

PLATFORMS
  ruby

DEPENDENCIES
  omniship!
  pry
  rake
  rspec

BUNDLED WITH
   1.17.3
